PATH
  remote: .
  specs:
    ronn-ng (0.10.2.wip)
      kramdown (~> 2, >= 2.1)
      kramdown-parser-gfm (~> 1, >= 1.0.1)
      mustache (~> 1)
      nokogiri (~> 1, >= 1.14.3)

GEM
  remote: https://rubygems.org/
  specs:
    ast (2.4.2)
    json (2.7.1)
    kramdown (2.4.0)
      rexml
    kramdown-parser-gfm (1.1.0)
      kramdown (~> 2.0)
    language_server-protocol (3.17.0.3)
    mustache (1.1.1)
    mustermann (2.0.2)
      ruby2_keywords (~> 0.0.1)
    nokogiri (1.15.6-x86_64-linux)
      racc (~> 1.4)
    parallel (1.24.0)
    parser (3.3.0.0)
      ast (~> 2.4.1)
      racc
    power_assert (2.0.3)
    racc (1.7.3)
    rack (2.2.8.1)
    rack-protection (2.2.4)
      rack
    rainbow (3.1.1)
    rake (13.1.0)
    regexp_parser (2.8.3)
    rexml (3.2.6)
    rubocop (1.59.0)
      json (~> 2.3)
      language_server-protocol (>= 3.17.0)
      parallel (~> 1.10)
      parser (>= 3.2.2.4)
      rainbow (>= 2.2.2, < 4.0)
      regexp_parser (>= 1.8, < 3.0)
      rexml (>= 3.2.5, < 4.0)
      rubocop-ast (>= 1.30.0, < 2.0)
      ruby-progressbar (~> 1.7)
      unicode-display_width (>= 2.4.0, < 3.0)
    rubocop-ast (1.30.0)
      parser (>= 3.2.1.0)
    rubocop-rake (0.6.0)
      rubocop (~> 1.0)
    ruby-progressbar (1.13.0)
    ruby2_keywords (0.0.5)
    sinatra (2.2.4)
      mustermann (~> 2.0)
      rack (~> 2.2)
      rack-protection (= 2.2.4)
      tilt (~> 2.0)
    test-unit (3.6.1)
      power_assert
    tilt (2.3.0)
    unicode-display_width (2.5.0)

PLATFORMS
  x86_64-linux

DEPENDENCIES
  rack (~> 2, >= 2.2.3)
  rake (~> 13, >= 13.0.3)
  ronn-ng!
  rubocop (~> 1, >= 1.25.1)
  rubocop-rake (~> 0)
  sinatra (~> 2, >= 2.2.3)
  test-unit (~> 3, >= 3.2.7)

BUNDLED WITH
   2.1.4
