PATH
  remote: .
  specs:
    ronn-ng (0.9.1)
      kramdown (~> 2.1)
      mustache (~> 1.0)
      nokogiri (~> 1.9, >= 1.9.0)

GEM
  remote: https://rubygems.org/
  specs:
    ast (2.4.0)
    jaro_winkler (1.5.3)
    kramdown (2.1.0)
    mini_portile2 (2.4.0)
    mustache (1.1.1)
    mustermann (1.0.3)
    nokogiri (1.10.9)
      mini_portile2 (~> 2.4.0)
    parallel (1.17.0)
    parser (2.6.3.0)
      ast (~> 2.4.0)
    power_assert (1.1.4)
    rack (2.1.4)
    rack-protection (2.0.5)
      rack
    rainbow (3.0.0)
    rake (12.3.3)
    rubocop (0.74.0)
      jaro_winkler (~> 1.5.1)
      parallel (~> 1.10)
      parser (>= 2.6)
      rainbow (>= 2.2.2, < 4.0)
      ruby-progressbar (~> 1.7)
      unicode-display_width (>= 1.4.0, < 1.7)
    ruby-progressbar (1.10.1)
    sinatra (2.0.5)
      mustermann (~> 1.0)
      rack (~> 2.0)
      rack-protection (= 2.0.5)
      tilt (~> 2.0)
    test-unit (3.3.3)
      power_assert
    tilt (2.0.9)
    unicode-display_width (1.6.0)

PLATFORMS
  ruby

DEPENDENCIES
  rack (~> 2.0, >= 2.0.6)
  rake (~> 12.3, >= 12.3.0)
  ronn-ng!
  rubocop (~> 0.60, >= 0.57.1)
  sinatra (~> 2.0, >= 2.0.0)
  test-unit (~> 3.2, >= 3.2.7)

BUNDLED WITH
   2.1.4
