PATH
  remote: .
  specs:
    ronn-ng (0.10.1.pre3)
      kramdown (~> 2.1)
      kramdown-parser-gfm (>= 1.0.1, < 1.2)
      mustache (~> 1.0)
      nokogiri (~> 1.10, >= 1.10.10)

GEM
  remote: https://rubygems.org/
  specs:
    ast (2.4.2)
    kramdown (2.4.0)
      rexml
    kramdown-parser-gfm (1.1.0)
      kramdown (~> 2.0)
    mini_portile2 (2.4.0)
    mustache (1.1.1)
    mustermann (2.0.2)
      ruby2_keywords (~> 0.0.1)
    nokogiri (1.10.10)
      mini_portile2 (~> 2.4.0)
    parallel (1.20.1)
    parser (3.2.0.0)
      ast (~> 2.4.1)
    power_assert (2.0.3)
    rack (2.2.6.4)
    rack-protection (2.2.4)
      rack
    rainbow (3.1.1)
    rake (12.3.3)
    regexp_parser (2.6.2)
    rexml (3.2.5)
    rubocop (1.12.1)
      parallel (~> 1.10)
      parser (>= 3.0.0.0)
      rainbow (>= 2.2.2, < 4.0)
      regexp_parser (>= 1.8, < 3.0)
      rexml
      rubocop-ast (>= 1.2.0, < 2.0)
      ruby-progressbar (~> 1.7)
      unicode-display_width (>= 1.4.0, < 3.0)
    rubocop-ast (1.4.1)
      parser (>= 2.7.1.5)
    ruby-progressbar (1.11.0)
    ruby2_keywords (0.0.5)
    sinatra (2.2.4)
      mustermann (~> 2.0)
      rack (~> 2.2)
      rack-protection (= 2.2.4)
      tilt (~> 2.0)
    test-unit (3.5.7)
      power_assert
    tilt (2.0.11)
    unicode-display_width (2.4.2)

PLATFORMS
  x86_64-darwin-18
  x86_64-linux

DEPENDENCIES
  rack (~> 2.2, >= 2.2.3)
  rake (~> 12.3, >= 12.3.3)
  ronn-ng!
  rubocop (~> 1.12.1)
  sinatra (~> 2.0, >= 2.0.8)
  test-unit (~> 3.3, >= 3.3.6)

BUNDLED WITH
   2.4.4
